GEM
  remote: http://rubygems.org/
  specs:
    POpen4 (0.1.4)
      Platform (>= 0.4.0)
      open4
    Platform (0.4.0)
    bourbon (3.0.1)
      sass (>= 3.2.0)
      thor
    bourbon-compass (3.0.1)
      compass (>= 0.11)
      sass (>= 3.2.0)
    breakpoint (1.3)
      compass (>= 0.12.1)
      sass (>= 3.2.0)
    toolkit (0.2.2)
      compass (>= 0.12.2)
      respond-to (>= 2.6)
      singularitygs (>= 0.0.17)
      susy (>= 1.0.5)
    chunky_png (1.2.6)
    compass (0.12.2)
      chunky_png (~> 1.2)
      fssm (>= 0.2.7)
      sass (~> 3.1)
    daemons (1.1.9)
    eventmachine (1.0.0)
    faraday (0.8.4)
      multipart-post (~> 1.1)
    fssm (0.2.9)
    github_api (0.8.4)
      faraday (~> 0.8.1)
      hashie (~> 1.2.0)
      multi_json (~> 1.4)
      nokogiri (~> 1.5.2)
      oauth2
    harsh (0.0.3)
      compass (>= 0.10.0.rc3)
    hashie (1.2.0)
    httpauth (0.2.0)
    jammit (0.6.5)
      yui-compressor (>= 0.9.3)
    jwt (0.1.5)
      multi_json (>= 1.0)
    modular-scale (1.0.2)
      compass (>= 0.11.5)
      sassy-math (>= 1.2)
    multi_json (1.5.0)
    multipart-post (1.1.5)
    neat-compass (1.0.2)
      bourbon (>= 2.1)
      compass (>= 0.11)
      sass (>= 3.2)
    nokogiri (1.5.5)
    oauth2 (0.8.0)
      faraday (~> 0.8)
      httpauth (~> 0.1)
      jwt (~> 0.1.4)
      multi_json (~> 1.0)
      rack (~> 1.2)
    open4 (1.3.0)
    rack (1.4.1)
    rack-protection (1.3.2)
      rack
    sass (3.2.3)
    sassy-buttons (0.1.4)
      compass (>= 0.12.2)
      sass (>= 3.2.0)
    sassy-math (1.2)
      compass (~> 0.11)
    sinatra (1.3.3)
      rack (~> 1.3, >= 1.3.6)
      rack-protection (~> 1.2)
      tilt (~> 1.3, >= 1.3.3)
    sinatra-partial (0.4.0)
      sinatra
    singularitygs (0.0.17)
      breakpoint (>= 1.1.1)
      compass (>= 0.12.2)
      modular-scale (>= 1.0.2)
      sass (>= 3.2.1)
    stipe (0.0.5.4)
      compass (>= 0.11)
      sass (>= 3.2.1)
    susy (1.0.5)
      compass (>= 0.12.2)
      sass (>= 3.2.0)
    thin (1.5.0)
      daemons (>= 1.0.9)
      eventmachine (>= 0.12.6)
      rack (>= 1.0.0)
    thor (0.16.0)
    tilt (1.3.3)
    yui-compressor (0.9.6)
      POpen4 (>= 0.1.4)

PLATFORMS
  ruby

DEPENDENCIES
  bourbon-compass
  breakpoint
  children-of-ie
  compass
  github_api
  harsh
  jammit
  neat-compass
  sass
  sassy-buttons
  sinatra
  sinatra-partial
  singularitygs
  stipe
  susy
  thin
