GEM
  remote: http://rubygems.org/
  specs:
    addressable (2.3.5)
    blend-mode (0.0.1)
      compass (~> 0.12)
    bourbon-compass (3.1.8)
      compass (>= 0.11)
      sass (>= 3.2.0)
    breakpoint (2.0.6)
      compass (>= 0.12.1)
      sass (>= 3.2.0)
    breakpoint-slicer (1.2)
      breakpoint (>= 2.0.1)
      compass (>= 0.12.2)
      sass (>= 3.2.1)
    breakup (0.2.1)
      compass (>= 0.12.2)
      sass (>= 3.2.0)
    chairman (0.0.1)
      github_api (~> 0.10.2)
      sinatra (~> 1.4.3)
    chunky_png (1.2.8)
    closure-compiler (1.1.10)
    color-schemer (0.2.5)
      compass (~> 0.12)
      compass-blend-modes (~> 0.0.2)
    compass (0.13.alpha.4)
      chunky_png (~> 1.2)
      listen (<= 0.9.9)
      sass (~> 3.2.5)
    compass-blend-modes (0.0.2)
      compass
    compass-inuit (5.0.2)
      compass (>= 0.12.2)
    compass-photoshop-drop-shadow (0.0.1)
      compass
    css-slideshow (0.2.0)
      compass (>= 0.10.0.rc3)
    cssmin (1.0.3)
    fancy-buttons (1.2.0)
      compass (>= 0.11)
    faraday (0.8.8)
      multipart-post (~> 1.2.0)
    fittext (0.0.5)
      compass (>= 0.10.0.rc3)
    github_api (0.10.2)
      addressable
      faraday (~> 0.8.7)
      hashie (>= 1.2)
      multi_json (~> 1.4)
      nokogiri (~> 1.6.0)
      oauth2
    grid-coordinates (1.2.0)
      compass (>= 0.11.5)
    harsh (1.0.0)
      compass (>= 0.10.0.rc3)
    hashie (2.0.5)
    httpauth (0.2.0)
    jacket (0.1.4)
      compass (>= 0.12.2)
      sass (>= 3.2.0)
    jammit (0.6.6)
      cssmin (>= 1.0.3)
      jsmin (>= 1.0.1)
    jsmin (1.0.1)
    jwt (0.1.8)
      multi_json (>= 1.5)
    kgio (2.8.0)
    listen (0.7.3)
    mini_portile (0.5.1)
    modular-scale (1.0.6)
      compass (>= 0.12.1)
      sass (>= 3.2.0)
      sassy-math (>= 1.5)
    multi_json (1.7.9)
    multi_xml (0.5.5)
    multipart-post (1.2.0)
    neat-compass (1.3.0)
      bourbon-compass (>= 3.1.3)
      compass (>= 0.11)
      sass (>= 3.2)
    newrelic_rpm (3.6.6.147)
    nokogiri (1.6.0)
      mini_portile (~> 0.5.0)
    normalize-scss (2.1.2)
      sass (>= 3.2)
    oauth2 (0.9.2)
      faraday (~> 0.8)
      httpauth (~> 0.2)
      jwt (~> 0.1.4)
      multi_json (~> 1.0)
      multi_xml (~> 0.5)
      rack (~> 1.2)
    rack (1.5.2)
    rack-protection (1.5.0)
      rack
    raindrops (0.11.0)
    responsive-sass (0.1.1)
      compass (>= 0.11)
    rwdcalc (0.0.2)
      compass (>= 0.12.2)
      sass (>= 3.2.1)
    salsa (0.0.1)
      compass (>= 0.12.1)
      sass (>= 3.2.0)
    sass (3.2.10)
    sassy-buttons (0.2)
    sassy-math (1.5)
      compass (~> 0.11)
    sassy-strings (0.3.1)
      compass (>= 0.12.2)
    sassy-text-shadow (0.0.4)
      compass (>= 0.11.5)
    sinatra (1.4.3)
      rack (~> 1.4)
      rack-protection (~> 1.4)
      tilt (~> 1.3, >= 1.3.4)
    sinatra-partial (0.4.0)
      sinatra
    singularity-extras (0.0.3)
      modular-scale (>= 1.0.6)
      sassy-math (>= 1.5)
      singularitygs (>= 0.0.1)
    singularitygs (1.1.2)
      breakpoint (>= 2.0.1)
      compass (>= 0.12.2)
      sass (>= 3.2.1)
    stipe (0.0.6.3)
      compass (>= 0.11)
      sass (>= 3.2.1)
    stitch (0.1.6)
      compass
      sass (~> 3.2.0.alpha)
    susy (1.0.9)
      compass (>= 0.12.2)
      sass (>= 3.2.0)
    thor (0.18.1)
    tilt (1.3.4)
    toolkit (1.3.7)
      breakpoint (>= 2.0.2)
      color-schemer (>= 0.2.3)
      compass (>= 0.12.2)
      sassy-strings (>= 0.1)
      singularitygs (>= 1.0.7)
    unicorn (4.6.3)
      kgio (~> 2.6)
      rack
      raindrops (~> 0.7)
    zen-grids (1.4)
      sass (>= 3.1)
    zurb-foundation (4.3.1)
      sass (>= 3.2.0)

PLATFORMS
  ruby

DEPENDENCIES
  blend-mode
  bourbon-compass
  breakpoint
  breakpoint-slicer
  breakup
  chairman
  closure-compiler
  color-schemer
  compass
  compass-blend-modes
  compass-inuit
  compass-photoshop-drop-shadow
  css-slideshow
  fancy-buttons
  fittext
  github_api
  grid-coordinates
  harsh
  jacket
  jammit
  modular-scale
  neat-compass
  newrelic_rpm
  normalize-scss
  responsive-sass
  rwdcalc
  salsa
  sass
  sassy-buttons
  sassy-math
  sassy-text-shadow
  sinatra
  sinatra-partial
  singularity-extras
  singularitygs
  stipe
  stitch
  susy (~> 1.0.9)
  thor
  tilt (= 1.3.4)
  toolkit
  unicorn
  zen-grids
  zurb-foundation
